GEM
  remote: https://gems.ruby-china.org/
  specs:
    faker (1.7.3)
      i18n (~> 0.5)
    i18n (0.8.1)
    tilt (2.0.7)

PLATFORMS
  ruby

DEPENDENCIES
  faker
  tilt

BUNDLED WITH
   1.14.4
